GIT
  remote: git://github.com/opscode/omnibus-ruby.git
  revision: 3146dfe89756f94028a803745b21e1890a7b42b7
  branch: cleanup-and-tlc
  specs:
    omnibus (0.5.3)
      fpm (= 0.3.11)
      mixlib-config (~> 1.1.2)
      mixlib-shellout (~> 1.0)
      ohai (>= 0.6.12)
      rake (>= 0.9)
      thor (>= 0.16.0)
      uber-s3

GIT
  remote: git://github.com/opscode/omnibus-software.git
  revision: 54c75310fffa946987d4e7f932f873c87fc9e934
  branch: omnibus-1.0
  specs:
    omnibus-software (0.0.1)

GEM
  remote: https://rubygems.org/
  specs:
    fpm (0.3.11)
      json
    ipaddress (0.8.0)
    json (1.7.7)
    mime-types (1.22)
    mixlib-cli (1.3.0)
    mixlib-config (1.1.2)
    mixlib-log (1.6.0)
    mixlib-shellout (1.1.0)
    ohai (6.16.0)
      ipaddress
      mixlib-cli
      mixlib-config
      mixlib-log
      mixlib-shellout
      systemu
      yajl-ruby
    rake (10.0.4)
    systemu (2.5.2)
    thor (0.18.1)
    uber-s3 (0.2.4)
      mime-types (~> 1.17)
    yajl-ruby (1.1.0)

PLATFORMS
  ruby

DEPENDENCIES
  omnibus!
  omnibus-software!
