GIT
  remote: git://github.com/opscode/omnibus-ruby.git
  revision: 3636296864a88d35e1fc090b4028bf6e3c85dd14
  branch: 3636296864a88d35e1fc090b4028bf6e3c85dd14
  specs:
    omnibus (3.2.0.rc.1)
      chef-sugar (~> 1.2)
      fpm (~> 0.4)
      mixlib-shellout (~> 1.4)
      ohai (~> 7.2.0.rc)
      thor (~> 0.18)
      uber-s3

GIT
  remote: git://github.com/opscode/omnibus-software.git
  revision: cd2c75f7bec9b8ee680b27a1b0b720e3b2451dbf
  branch: tc/turn-chef-up-to-12
  specs:
    omnibus-software (4.0.0)

GEM
  remote: https://rubygems.org/
  specs:
    addressable (2.3.7)
    arr-pm (0.0.9)
      cabin (> 0)
    backports (3.6.4)
    cabin (0.7.1)
    chef-sugar (1.3.0)
    childprocess (0.5.5)
      ffi (~> 1.0, >= 1.0.11)
    clamp (0.6.4)
    ffi (1.9.6)
    ffi-yajl (1.4.0)
      ffi (~> 1.5)
      libyajl2 (~> 1.2)
    fpm (0.4.42)
      arr-pm (~> 0.0.8)
      backports (>= 2.6.2)
      cabin (>= 0.6.0)
      childprocess
      clamp (~> 0.6)
      ftw (~> 0.0.30)
      json (>= 1.7.7)
    ftw (0.0.42)
      addressable
      backports (>= 2.6.2)
      cabin (> 0)
      http_parser.rb (~> 0.6)
    http_parser.rb (0.6.0)
    ipaddress (0.8.0)
    json (1.8.2)
    libyajl2 (1.2.0)
    mime-types (1.25.1)
    mixlib-cli (1.5.0)
    mixlib-config (2.1.0)
    mixlib-log (1.6.0)
    mixlib-shellout (1.6.1)
    ohai (7.2.4)
      ffi (~> 1.9)
      ffi-yajl (~> 1.0)
      ipaddress
      mime-types (~> 1.16)
      mixlib-cli
      mixlib-config (~> 2.0)
      mixlib-log
      mixlib-shellout (~> 1.2)
      systemu (~> 2.6.4)
      wmi-lite (~> 1.0)
    systemu (2.6.4)
    thor (0.19.1)
    uber-s3 (0.2.4)
      mime-types (~> 1.17)
    wmi-lite (1.0.0)

PLATFORMS
  ruby

DEPENDENCIES
  omnibus!
  omnibus-software!
