GIT
  remote: git://github.com/opscode/omnibus-software.git
  revision: 86392a7bdd206a5be3e41c895f0725da3ea4bdc5
  ref: of/upgrade_java
  specs:
    omnibus-software (4.0.0)

GIT
  remote: git://github.com/opscode/omnibus.git
  revision: ed0e77e06ecc6adf24436f6d2e940ad9b5032262
  specs:
    omnibus (4.0.0)
      chef-sugar (~> 2.2)
      cleanroom (~> 1.0)
      mixlib-shellout (~> 1.4)
      ohai (~> 7.2)
      ruby-progressbar (~> 1.7)
      thor (~> 0.18)
      uber-s3

GEM
  remote: https://rubygems.org/
  specs:
    chef-sugar (2.5.0)
    cleanroom (1.0.0)
    ffi (1.9.6)
    ffi-yajl (1.4.0)
      ffi (~> 1.5)
      libyajl2 (~> 1.2)
    ipaddress (0.8.0)
    libyajl2 (1.2.0)
    mime-types (1.25.1)
    mixlib-cli (1.5.0)
    mixlib-config (2.1.0)
    mixlib-log (1.6.0)
    mixlib-shellout (1.6.1)
    ohai (7.4.1)
      ffi (~> 1.9)
      ffi-yajl (~> 1.1)
      ipaddress
      mime-types (~> 1.16)
      mixlib-cli
      mixlib-config (~> 2.0)
      mixlib-log
      mixlib-shellout (~> 1.2)
      systemu (~> 2.6.4)
      wmi-lite (~> 1.0)
    ruby-progressbar (1.7.1)
    systemu (2.6.4)
    thor (0.19.1)
    uber-s3 (0.2.4)
      mime-types (~> 1.17)
    wmi-lite (1.0.0)

PLATFORMS
  ruby

DEPENDENCIES
  omnibus!
  omnibus-software!
